GIT
  remote: https://github.com/riboseinc/asciidoctor-bibliography
  revision: a210eeccf946b8c9116da2544d0f88e34707ffbe
  specs:
    asciidoctor-bibliography (0.4.3)
      asciidoctor (~> 1.5.6)
      bibtex-ruby (~> 4.4.4)
      citeproc-ruby (~> 1.1.7)
      csl-styles (~> 1.0.1)
      latex-decode (~> 0.2.2)

GIT
  remote: https://github.com/riboseinc/asciidoctor-rfc
  revision: 89486b353912e415515044e119f56d224fc32d05
  specs:
    asciidoctor-rfc (0.1.0)
      asciidoctor (~> 1.5.6)
      htmlentities (~> 4.3.4)
      nokogiri (~> 1.8.1)
      thread_safe

GEM
  remote: https://rubygems.org/
  specs:
    asciidoctor (1.5.6.1)
    bibtex-ruby (4.4.4)
      latex-decode (~> 0.0)
    citeproc (1.0.5)
      namae (~> 0.8)
    citeproc-ruby (1.1.7)
      citeproc (>= 1.0.4, < 2.0)
      csl (~> 1.4)
    csl (1.4.5)
      namae (~> 0.7)
    csl-styles (1.0.1.8)
      csl (~> 1.0)
    htmlentities (4.3.4)
    latex-decode (0.2.2)
      unicode (~> 0.4)
    mini_portile2 (2.3.0)
    namae (0.11.3)
    nokogiri (1.8.1)
      mini_portile2 (~> 2.3.0)
    thread_safe (0.3.6)
    unicode (0.4.4.4)

PLATFORMS
  ruby

DEPENDENCIES
  asciidoctor-bibliography!
  asciidoctor-rfc!

BUNDLED WITH
   1.15.4
